GEM
  remote: http://rubygems.org/
  specs:
    commander (4.1.3)
      highline (~> 1.6.11)
    highline (1.6.16)
    sys-proctable (0.9.3-x86-mingw32)

PLATFORMS
  x86-mingw32

DEPENDENCIES
  commander
  sys-proctable
