GEM
  remote: http://rubygems.org/
  specs:
    commander (4.1.3)
      highline (~> 1.6.11)
    highline (1.6.16)

PLATFORMS
  x86-mingw32

DEPENDENCIES
  commander
